GEM
  remote: https://rubygems.org/
  specs:
    aws-eventstream (1.0.3)
    aws-partitions (1.163.0)
    aws-sdk-core (3.52.1)
      aws-eventstream (~> 1.0, >= 1.0.2)
      aws-partitions (~> 1.0)
      aws-sigv4 (~> 1.1)
      jmespath (~> 1.0)
    aws-sdk-kms (1.20.0)
      aws-sdk-core (~> 3, >= 3.52.1)
      aws-sigv4 (~> 1.1)
    aws-sdk-s3 (1.39.0)
      aws-sdk-core (~> 3, >= 3.52.1)
      aws-sdk-kms (~> 1)
      aws-sigv4 (~> 1.0)
    aws-sigv4 (1.1.0)
      aws-eventstream (~> 1.0, >= 1.0.2)
    jmespath (1.4.0)
    json (2.2.0)

PLATFORMS
  ruby

DEPENDENCIES
  aws-sdk-s3
  json

BUNDLED WITH
   2.0.1
